RESTRICTION: == net47
NUGET
  remote: https://www.nuget.org/api/v2
    FSharp.Core (4.2.3)
    FsXaml.Wpf (3.1.6)
    Gjallarhorn (1.1)
      FSharp.Core (>= 4.0.0.1)
    Gjallarhorn.Bindable (1.0.0-beta6)
      FSharp.Core (>= 4.0.0.1)
      Gjallarhorn (>= 1.1)
    Gjallarhorn.Bindable.Wpf (1.0.0-beta5)
      FSharp.Core (>= 4.0.0.1)
      Gjallarhorn (>= 1.1)
      Gjallarhorn.Bindable (>= 1.0.0-beta5)
GITHUB
  remote: TeaDrivenDev/TeaDriven.NightSky
    FULLPROJECT (764a1ec4a04600daab1957dcf6a1296905176491)
GROUP Build
NUGET
  remote: https://www.nuget.org/api/v2
    FAKE (4.64.4)
